PATH
  remote: vendor/gems
  specs:
    rrobots (0.0.1)
      gosu

GEM
  remote: https://rubygems.org/
  specs:
    gosu (0.7.50)

PLATFORMS
  ruby

DEPENDENCIES
  rrobots!
