GEM
  remote: https://rubygems.org/
  specs:
    gosu (0.7.50)
    rrobots (0.0.1)
      gosu

PLATFORMS
  ruby

DEPENDENCIES
  rrobots
